GEM
  remote: http://rubygems.org/
  specs:
    addressable (2.2.7)
    crack (0.1.8)
    faraday (0.7.6)
      addressable (~> 2.2)
      multipart-post (~> 1.1)
      rack (~> 1.1)
    flattr (0.2.3)
      faraday
      multi_json
    httparty (0.7.8)
      crack (= 0.1.8)
    json (1.6.5)
    multi_json (1.0.4)
    multipart-post (1.1.5)
    neography (0.0.22)
      httparty (~> 0.7.8)
      json
      os
      rake (>= 0.8.7)
      rubyzip
    os (0.9.5)
    rack (1.4.1)
    rack-protection (1.2.0)
      rack
    rake (0.9.2.2)
    rubyzip (0.9.6.1)
    sinatra (1.3.2)
      rack (~> 1.3, >= 1.3.6)
      rack-protection (~> 1.2)
      tilt (~> 1.3, >= 1.3.3)
    tilt (1.3.3)

PLATFORMS
  ruby

DEPENDENCIES
  flattr
  neography
  sinatra
